GEM
  remote: https://rubygems.org/
  specs:
    kramdown (2.4.0)
      rexml
    liquid (5.4.0)
    rexml (3.2.5)

PLATFORMS
  ruby

DEPENDENCIES
  kramdown
  liquid

BUNDLED WITH
   2.1.2
