GEM
  remote: https://rubygems.org/
  specs:
    kramdown (2.4.0)
      rexml
    liquid (5.4.0)
    rack (3.0.4.1)
    redcarpet (3.6.0)
    rexml (3.2.5)

PLATFORMS
  ruby

DEPENDENCIES
  kramdown
  liquid
  rack
  redcarpet

BUNDLED WITH
   2.1.2
